PATH
  remote: .
  specs:
    s3utils (0.2.0)
      aws-sdk (~> 1.6)
      thor (~> 0.14)

GEM
  remote: https://rubygems.org/
  specs:
    aws-sdk (1.6.6)
      httparty (~> 0.7)
      json (~> 1.4)
      nokogiri (>= 1.4.4)
      uuidtools (~> 2.1)
    diff-lcs (1.1.3)
    httparty (0.9.0)
      multi_json (~> 1.0)
      multi_xml
    json (1.7.5)
    multi_json (1.3.6)
    multi_xml (0.5.1)
    nokogiri (1.5.5)
    rake (10.0.2)
    rspec (2.12.0)
      rspec-core (~> 2.12.0)
      rspec-expectations (~> 2.12.0)
      rspec-mocks (~> 2.12.0)
    rspec-core (2.12.1)
    rspec-expectations (2.12.0)
      diff-lcs (~> 1.1.3)
    rspec-mocks (2.12.0)
    thor (0.16.0)
    uuidtools (2.1.3)

PLATFORMS
  ruby

DEPENDENCIES
  rake
  rspec
  s3utils!
